GEM
  remote: https://rubygems.org/
  specs:
    rack (2.2.3)
    rack-protection (2.0.8)
      rack
    sinatra (1.4.4)
      rack (~> 2.1)
      rack-protection (~> 2.0)
      tilt (~> 1.3, >= 1.3.4)
    tilt (1.4.1)

PLATFORMS
  ruby
  x64-mingw32

DEPENDENCIES
  sinatra
